GIT
  remote: git://github.com/HipByte/motion-cocoapods.git
  revision: d719cd05fd3f4c9bc9b54f1399e5a16116901e4a
  specs:
    motion-cocoapods (1.4.0)
      cocoapods (>= 0.26.2)

GEM
  remote: https://rubygems.org/
  specs:
    activesupport (3.2.14)
      i18n (~> 0.6, >= 0.6.4)
      multi_json (~> 1.0)
    bubble-wrap (1.3.0.osx)
    claide (0.3.2)
    cocoapods (0.26.2)
      activesupport (~> 3.2)
      claide (~> 0.3.2)
      cocoapods-core (= 0.26.2)
      cocoapods-downloader (~> 0.2.0)
      colored (~> 1.2)
      escape (~> 0.0.4)
      json (~> 1.8)
      open4 (~> 1.3)
      xcodeproj (~> 0.13.0)
    cocoapods-core (0.26.2)
      activesupport (~> 3.0)
      json (~> 1.8)
      nap (~> 0.5)
    cocoapods-downloader (0.2.0)
    colored (1.2)
    dotenv (0.7.0)
    escape (0.0.4)
    i18n (0.6.5)
    ib (0.2.10)
      thor (>= 0.15.4)
      xcodeproj (>= 0.4.1)
    json (1.8.0)
    multi_json (1.8.2)
    nap (0.5.1)
    open4 (1.3.0)
    rake (10.1.0)
    rm-digest (0.0.2)
    rubymotion_generators (0.1.0)
      thor (~> 0.15)
    thor (0.18.1)
    xcodeproj (0.13.1)
      activesupport (~> 3.0)
      colored (~> 1.2)

PLATFORMS
  ruby

DEPENDENCIES
  bubble-wrap (= 1.3.0.osx)
  dotenv
  ib
  motion-cocoapods!
  rake
  rm-digest
  rubymotion_generators
